PATH
  remote: .
  specs:
    lmt (0.1.4)
      methadone (~> 1.9.5)

GEM
  remote: https://rubygems.org/
  specs:
    coderay (1.1.2)
    methadone (1.9.5)
      bundler
    method_source (0.9.0)
    power_assert (1.1.1)
    pry (0.11.3)
      coderay (~> 1.1.0)
      method_source (~> 0.9.0)
    rake (13.0.6)
    rdoc (6.0.3)
    test-unit (3.2.7)
      power_assert

PLATFORMS
  ruby
  x64-mingw32

DEPENDENCIES
  bundler (~> 1.16)
  lmt!
  pry
  rake (~> 13.0)
  rdoc
  test-unit

BUNDLED WITH
   1.17.2
